PATH
  remote: /home/zorbash/dev/twirly
  specs:
    twirly (0.0.1)
      actionview
      activesupport (~> 4.1)
      awesome_print
      json (~> 1.8.1)
      kramdown
      liquid
      rack
      redis
      ruby-trello
      thor
      tilt
      will_paginate (~> 3.0.5)

GEM
  remote: https://rubygems.org/
  specs:
    actionview (4.1.1)
      activesupport (= 4.1.1)
      builder (~> 3.1)
      erubis (~> 2.7.0)
    activemodel (4.1.1)
      activesupport (= 4.1.1)
      builder (~> 3.1)
    activesupport (4.1.1)
      i18n (~> 0.6, >= 0.6.9)
      json (~> 1.7, >= 1.7.7)
      minitest (~> 5.1)
      thread_safe (~> 0.1)
      tzinfo (~> 1.1)
    addressable (2.3.6)
    awesome_print (1.2.0)
    builder (3.2.2)
    celluloid (0.15.2)
      timers (~> 1.1.0)
    celluloid-io (0.15.0)
      celluloid (>= 0.15.0)
      nio4r (>= 0.5.0)
    coderay (1.1.0)
    coffee-script (2.2.0)
      coffee-script-source
      execjs
    coffee-script-source (1.7.0)
    erubis (2.7.0)
    execjs (2.0.2)
    ffi (1.9.3)
    formatador (0.2.4)
    guard (2.6.1)
      formatador (>= 0.2.4)
      listen (~> 2.7)
      lumberjack (~> 1.0)
      pry (>= 0.9.12)
      thor (>= 0.18.1)
    guard-coffeescript (1.4.0)
      coffee-script (>= 2.2.0)
      guard (>= 1.1.0)
    guard-sass (1.4.0)
      guard (>= 1.1.0)
      sass (>= 3.1)
    i18n (0.6.9)
    json (1.8.1)
    kramdown (1.3.3)
    liquid (2.6.1)
    listen (2.7.4)
      celluloid (>= 0.15.2)
      celluloid-io (>= 0.15.0)
      rb-fsevent (>= 0.9.3)
      rb-inotify (>= 0.9)
    lumberjack (1.0.5)
    method_source (0.8.2)
    mime-types (2.2)
    minitest (5.3.4)
    nio4r (1.0.0)
    oauth (0.4.7)
    pry (0.9.12.6)
      coderay (~> 1.0)
      method_source (~> 0.8)
      slop (~> 3.4)
    rack (1.5.2)
    rake (10.2.2)
    rb-fsevent (0.9.4)
    rb-inotify (0.9.4)
      ffi (>= 0.5.0)
    redis (3.0.7)
    rest-client (1.6.7)
      mime-types (>= 1.16)
    ruby-trello (1.1.1)
      activemodel (>= 3.2.0)
      addressable (~> 2.3)
      json
      oauth (~> 0.4.5)
      rest-client (~> 1.6.7)
    sass (3.2.19)
    slop (3.5.0)
    thor (0.19.1)
    thread_safe (0.3.3)
    tilt (2.0.1)
    timers (1.1.0)
    tzinfo (1.1.0)
      thread_safe (~> 0.1)
    will_paginate (3.0.5)

PLATFORMS
  ruby

DEPENDENCIES
  coffee-script
  guard-coffeescript
  guard-sass
  pry
  rake
  sass
  twirly!
